GEM
  remote: https://rubygems.org/
  specs:
    addressable (2.3.8)
    cookiejar (0.3.2)
    daemons (1.2.3)
    dotenv (0.9.0)
    em-http-request (1.1.2)
      addressable (>= 2.3.4)
      cookiejar
      em-socksify (>= 0.3)
      eventmachine (>= 1.0.3)
      http_parser.rb (>= 0.6.0)
    em-proxy (0.1.8)
      eventmachine
    em-socksify (0.3.1)
      eventmachine (>= 1.0.0.beta.4)
    eventmachine (1.0.8)
    faye (1.1.2)
      cookiejar (>= 0.3.0)
      em-http-request (>= 0.3.0)
      eventmachine (>= 0.12.0)
      faye-websocket (>= 0.9.1)
      multi_json (>= 1.0.0)
      rack (>= 1.0.0)
      websocket-driver (>= 0.5.1)
    faye-websocket (0.10.0)
      eventmachine (>= 0.12.0)
      websocket-driver (>= 0.5.1)
    formatador (0.2.5)
    highline (1.6.21)
    http-parser-lite (0.6.0)
    http_parser.rb (0.6.0)
    iniparse (1.1.6)
    invoker (1.0.4)
      dotenv (~> 0.9.0)
      em-proxy (~> 0.1.8)
      eventmachine (~> 1.0.3)
      formatador (~> 0.2.4)
      highline (~> 1.6.19)
      http-parser-lite (~> 0.6.0)
      iniparse (~> 1.1.6)
      rainbow (~> 1.1.4)
      rubydns (~> 0.6.5)
      slop (~> 3.4.6)
      uuid (~> 2.3.7)
    macaddr (1.7.1)
      systemu (~> 2.6.2)
    multi_json (1.11.2)
    rack (1.6.4)
    rainbow (1.1.4)
    rexec (1.5.2)
      rainbow
    rubydns (0.6.7)
      eventmachine (~> 1.0.0)
      rexec (~> 1.5.1)
    slop (3.4.7)
    systemu (2.6.5)
    thin (1.6.4)
      daemons (~> 1.0, >= 1.0.9)
      eventmachine (~> 1.0, >= 1.0.4)
      rack (~> 1.0)
    thor (0.18.1)
    uuid (2.3.8)
      macaddr (~> 1.0)
    websocket-driver (0.6.2)
      websocket-extensions (>= 0.1.0)
    websocket-extensions (0.1.2)

PLATFORMS
  ruby

DEPENDENCIES
  faye
  invoker
  rack
  thin
  thor

BUNDLED WITH
   1.10.6
